GIT
  remote: https://github.com/mattwynne/relish.git
  revision: c51c487a412ec02340e2fec417f4cc77483ef6df
  specs:
    relish (0.3.0)
      archive-tar-minitar (~> 0.5.2)
      json (~> 1.4.6)
      rest-client (~> 1.6.1)

GEM
  remote: http://rubygems.org/
  specs:
    archive-tar-minitar (0.5.2)
    builder (3.0.0)
    cucumber (0.10.3)
      builder (>= 2.1.2)
      diff-lcs (>= 1.1.2)
      gherkin (>= 2.3.8)
      json (>= 1.4.6)
      term-ansicolor (>= 1.0.5)
    diff-lcs (1.1.2)
    gherkin (2.3.9)
      json (>= 1.4.6)
    json (1.4.6)
    macaddr (1.0.0)
    mime-types (1.16)
    rest-client (1.6.1)
      mime-types (>= 1.16)
    robot-vim (1.1.0)
      uuid (~> 2.3.1)
    rspec (2.6.0)
      rspec-core (~> 2.6.0)
      rspec-expectations (~> 2.6.0)
      rspec-mocks (~> 2.6.0)
    rspec-core (2.6.3)
    rspec-expectations (2.6.0)
      diff-lcs (~> 1.1.2)
    rspec-mocks (2.6.0)
    term-ansicolor (1.0.5)
    uuid (2.3.2)
      macaddr (~> 1.0)

PLATFORMS
  ruby

DEPENDENCIES
  cucumber
  relish!
  robot-vim
  rspec
